GEM
  remote: http://rubygems.org/
  specs:
    activesupport (4.0.0)
      i18n (~> 0.6, >= 0.6.4)
      minitest (~> 4.2)
      multi_json (~> 1.3)
      thread_safe (~> 0.1)
      tzinfo (~> 0.3.37)
    byebug (5.0.0)
      columnize (= 0.9.0)
    columnize (0.9.0)
    diff-lcs (1.2.5)
    i18n (0.7.0)
    mini_portile (0.6.2)
    minitest (4.7.5)
    multi_json (1.11.2)
    nokogiri (1.6.6.2)
      mini_portile (~> 0.6.0)
    roo (2.1.0)
      nokogiri (~> 1)
      rubyzip (~> 1.1, < 2.0.0)
    rspec (3.3.0)
      rspec-core (~> 3.3.0)
      rspec-expectations (~> 3.3.0)
      rspec-mocks (~> 3.3.0)
    rspec-core (3.3.2)
      rspec-support (~> 3.3.0)
    rspec-expectations (3.3.1)
      diff-lcs (>= 1.2.0, < 2.0)
      rspec-support (~> 3.3.0)
    rspec-mocks (3.3.2)
      diff-lcs (>= 1.2.0, < 2.0)
      rspec-support (~> 3.3.0)
    rspec-support (3.3.0)
    ruby-ole (1.2.11.8)
    rubyzip (1.1.7)
    spreadsheet (1.0.4)
      ruby-ole (>= 1.0)
    thread_safe (0.3.5)
    tzinfo (0.3.44)

PLATFORMS
  ruby

DEPENDENCIES
  activesupport
  byebug
  roo (~> 2.1.0)
  rspec
  spreadsheet

BUNDLED WITH
   1.10.6
